PATH
  remote: .
  specs:
    actionpack-page_caching (1.1.1)
      actionpack (>= 4.0.0)

GEM
  remote: https://rubygems.org/
  specs:
    actionmailer (4.2.11.14)
      actionpack (= 4.2.11.14)
      actionview (= 4.2.11.14)
      activejob (= 4.2.11.14)
      mail (~> 2.5, >= 2.5.4)
      rails-dom-testing (~> 1.0, >= 1.0.5)
    actionpack (4.2.11.14)
      actionview (= 4.2.11.14)
      activesupport (= 4.2.11.14)
      rack (~> 1.6)
      rack-test (~> 0.6.2)
      rails-dom-testing (~> 1.0, >= 1.0.5)
      rails-html-sanitizer (~> 1.0, >= 1.0.2)
    actionview (4.2.11.14)
      activesupport (= 4.2.11.14)
      builder (~> 3.1)
      erubis (~> 2.7.0)
      rails-dom-testing (~> 1.0, >= 1.0.5)
      rails-html-sanitizer (~> 1.0, >= 1.0.3)
    activejob (4.2.11.14)
      activesupport (= 4.2.11.14)
      globalid (>= 0.3.0)
    activemodel (4.2.11.14)
      activesupport (= 4.2.11.14)
      builder (~> 3.1)
    activerecord (4.2.11.14)
      activemodel (= 4.2.11.14)
      activesupport (= 4.2.11.14)
      arel (~> 6.0)
    activesupport (4.2.11.14)
      i18n (~> 0.7)
      minitest (~> 5.1)
      thread_safe (~> 0.3, >= 0.3.4)
      tzinfo (~> 1.1)
    arel (6.0.4)
    builder (3.2.4)
    concurrent-ruby (1.1.6)
    crass (1.0.6)
    erubis (2.7.0)
    globalid (0.4.2)
      activesupport (>= 4.2.0)
    i18n (0.9.5)
      concurrent-ruby (~> 1.0)
    loofah (2.5.0)
      crass (~> 1.0.2)
      nokogiri (>= 1.5.9)
    mail (2.7.1)
      mini_mime (>= 0.1.1)
    mime-types (2.99.3)
    mini_mime (1.0.2)
    mini_portile2 (2.4.0)
    minitest (5.12.0)
    mocha (1.11.2)
    nokogiri (1.9.1)
      mini_portile2 (~> 2.4.0)
    rack (1.6.13)
    rack-test (0.6.3)
      rack (>= 1.0)
    rails (4.2.11.14)
      actionmailer (= 4.2.11.14)
      actionpack (= 4.2.11.14)
      actionview (= 4.2.11.14)
      activejob (= 4.2.11.14)
      activemodel (= 4.2.11.14)
      activerecord (= 4.2.11.14)
      activesupport (= 4.2.11.14)
      bundler (>= 1.3.0, < 2.0)
      railslts-version (= 4.2.11.14)
      railties (= 4.2.11.14)
      sprockets-rails
    rails-deprecated_sanitizer (1.0.3)
      activesupport (>= 4.2.0.alpha)
    rails-dom-testing (1.0.9)
      activesupport (>= 4.2.0, < 5.0)
      nokogiri (~> 1.6)
      rails-deprecated_sanitizer (>= 1.0.1)
    rails-html-sanitizer (1.3.0)
      loofah (~> 2.3)
    railslts-version (4.2.11.14)
    railties (4.2.11.14)
      actionpack (= 4.2.11.14)
      activesupport (= 4.2.11.14)
      rake (>= 0.8.7)
      thor (>= 0.18.1, < 2.0)
    rake (12.3.3)
    sprockets (3.7.2)
      concurrent-ruby (~> 1.0)
      rack (> 1, < 3)
    sprockets-rails (3.2.1)
      actionpack (>= 4.0)
      activesupport (>= 4.0)
      sprockets (>= 3.0.0)
    thor (1.0.1)
    thread_safe (0.3.6)
    tzinfo (1.2.7)
      thread_safe (~> 0.1)

PLATFORMS
  ruby

DEPENDENCIES
  actionpack-page_caching!
  mime-types (< 3)
  mocha
  rails (~> 4.2.1)

BUNDLED WITH
   1.17.3
